PATH
  remote: .
  specs:
    osis2html5 (0.1.0)
      nokogiri (> 0)
      parallel (> 0)

GEM
  remote: https://rubygems.org/
  specs:
    mini_portile2 (2.8.1)
    nokogiri (1.14.3)
      mini_portile2 (~> 2.8.0)
      racc (~> 1.4)
    parallel (1.20.1)
    power_assert (2.0.0)
    racc (1.6.2)
    rake (13.0.3)
    test-unit (3.4.0)
      power_assert

PLATFORMS
  ruby

DEPENDENCIES
  bundler (~> 1.16)
  osis2html5!
  rake (> 0)
  test-unit (> 0)

BUNDLED WITH
   2.2.12
