PATH
  remote: .
  specs:
    osis2html5 (0.1.1)
      nokogiri (> 0)
      parallel (> 0)

GEM
  remote: https://rubygems.org/
  specs:
    mini_portile2 (2.8.9)
    nokogiri (1.18.8)
      mini_portile2 (~> 2.8.2)
      racc (~> 1.4)
    parallel (1.27.0)
    power_assert (2.0.5)
    racc (1.8.1)
    rake (13.2.1)
    test-unit (3.6.8)
      power_assert

PLATFORMS
  ruby

DEPENDENCIES
  bundler (> 0)
  osis2html5!
  rake (> 0)
  test-unit (> 0)

BUNDLED WITH
   2.6.9
