PATH
  remote: .
  specs:
    osis2html5 (0.1.0)
      nokogiri (> 0)
      parallel (> 0)

GEM
  remote: https://rubygems.org/
  specs:
    mini_portile2 (2.8.6)
    nokogiri (1.16.5)
      mini_portile2 (~> 2.8.2)
      racc (~> 1.4)
    parallel (1.24.0)
    power_assert (2.0.3)
    racc (1.7.3)
    rake (13.1.0)
    test-unit (3.6.1)
      power_assert

PLATFORMS
  ruby

DEPENDENCIES
  bundler (> 0)
  osis2html5!
  rake (> 0)
  test-unit (> 0)

BUNDLED WITH
   2.5.6
